GEM
  remote: https://rubygems.org/
  specs:
    httparty (0.11.0)
      multi_json (~> 1.0)
      multi_xml (>= 0.5.2)
    json (1.8.3)
    logan (0.2.2)
      httparty (= 0.11.0)
      json (~> 1.8)
    multi_json (1.11.2)
    multi_xml (0.5.5)

PLATFORMS
  ruby

DEPENDENCIES
  logan
